PATH
  remote: .
  specs:
    stocks-info (0.2.0)

GEM
  remote: https://rubygems.org/
  specs:
    nokogiri (1.5.6)
    rake (10.4.2)

PLATFORMS
  ruby

DEPENDENCIES
  bundler (~> 1.16)
  nokogiri
  rake (~> 10.0)
  stocks-info!

BUNDLED WITH
   1.16.2
