PATH
  remote: .
  specs:
    Stocks (0.1.0)

GEM
  remote: https://rubygems.org/
  specs:
    nokogiri (1.5.6)
    rake (10.4.2)

PLATFORMS
  ruby

DEPENDENCIES
  Stocks!
  bundler (~> 1.16)
  nokogiri
  rake (~> 10.0)

BUNDLED WITH
   1.16.2
